GEM
  remote: https://rubygems.org/
  specs:
    anemone (0.7.2)
      nokogiri (>= 1.3.0)
      robotex (>= 1.0.0)
    mini_portile (0.6.0)
    nokogiri (1.6.3.1)
      mini_portile (= 0.6.0)
    robinson (0.0.2)
      anemone
      smart_colored
    robotex (1.0.0)
    sass (3.4.5)
    smart_colored (1.1.1)

PLATFORMS
  ruby

DEPENDENCIES
  robinson (~> 0.0.2)
  sass (~> 3.4.4)
